GIT
  remote: git://github.com/beardedstudio/jquery_ui_rails_helpers.git
  revision: ff2734d3e0bb37304e02673b0e9974d474c3dd2a
  specs:
    jquery_ui_rails_helpers (0.1.0)
      haml

GIT
  remote: git://github.com/beardedstudio/scaffolder.git
  revision: e25b438646f7e32fee37b10a5ecb9a686c8192bc
  specs:
    scaffolder (0.1.0)

GIT
  remote: git://github.com/gregbell/active_admin.git
  revision: 6d45e77211ba3c1150f95957e8c16d2bb9036511
  specs:
    activeadmin (0.2.2)
      devise (>= 1.1.2)
      fastercsv
      formtastic (>= 1.1.0)
      inherited_resources
      kaminari (>= 0.12.4)
      meta_search (>= 0.9.2)
      rails (>= 3.0.0)
      sass (>= 3.1.0)

GIT
  remote: git://github.com/michaek/rails3-generators.git
  revision: 0a3d908d9dd53003315037f28955c9261bba8bcb
  specs:
    rails3-generators (0.17.4)
      railties (>= 3.0.0)

GIT
  remote: git://github.com/michaek/semantic_menu.git
  revision: 5298f586467cc9a91e85befcca673b8406c8846f
  specs:
    semantic_menu (0.1.0)

GIT
  remote: git://github.com/ramblex/acts_as_commentable.git
  revision: 9a2212b165f8b2a08fcd89f8dd168e040f1d9a74
  specs:
    acts_as_commentable (3.0.0)
      acts_as_tree

GEM
  remote: http://rubygems.org/
  specs:
    actionmailer (3.1.0.rc6)
      actionpack (= 3.1.0.rc6)
      mail (~> 2.3.0)
    actionpack (3.1.0.rc6)
      activemodel (= 3.1.0.rc6)
      activesupport (= 3.1.0.rc6)
      builder (~> 3.0.0)
      erubis (~> 2.7.0)
      i18n (~> 0.6)
      rack (~> 1.3.2)
      rack-cache (~> 1.0.2)
      rack-mount (~> 0.8.1)
      rack-test (~> 0.6.0)
      sprockets (~> 2.0.0.beta.12)
    activemodel (3.1.0.rc6)
      activesupport (= 3.1.0.rc6)
      bcrypt-ruby (~> 2.1.4)
      builder (~> 3.0.0)
      i18n (~> 0.6)
    activerecord (3.1.0.rc6)
      activemodel (= 3.1.0.rc6)
      activesupport (= 3.1.0.rc6)
      arel (~> 2.2.1)
      tzinfo (~> 0.3.29)
    activeresource (3.1.0.rc6)
      activemodel (= 3.1.0.rc6)
      activesupport (= 3.1.0.rc6)
    activesupport (3.1.0.rc6)
      multi_json (~> 1.0)
    acts_as_archive (0.4.0)
      also_migrate (= 0.3.5)
      mover (= 0.3.6)
    acts_as_tree (0.1.1)
    also_migrate (0.3.5)
    annotate (2.4.0)
    ansi (1.3.0)
    arel (2.2.1)
    awesome_nested_set (2.0.1)
      activerecord (>= 3.0.0)
    bcrypt-ruby (2.1.4)
    builder (3.0.0)
    coffee-rails (3.1.0.rc.6)
      coffee-script (>= 2.2.0)
      railties (~> 3.1.0.rc1)
    coffee-script (2.2.0)
      coffee-script-source
      execjs
    coffee-script-source (1.1.2)
    crummy (1.2)
    devise (1.4.2)
      bcrypt-ruby (~> 2.1.2)
      orm_adapter (~> 0.0.3)
      warden (~> 1.0.3)
    diff-lcs (1.1.2)
    erubis (2.7.0)
    execjs (1.2.4)
      multi_json (~> 1.0)
    factory_girl (2.0.4)
    factory_girl_rails (1.1.0)
      factory_girl (~> 2.0.0)
      railties (>= 3.0.0)
    fastercsv (1.5.4)
    formtastic (1.2.4)
      actionpack (>= 2.3.7)
      activesupport (>= 2.3.7)
      i18n (~> 0.4)
    haml (3.1.2)
    haml-rails (0.3.4)
      actionpack (~> 3.0)
      activesupport (~> 3.0)
      haml (~> 3.0)
      railties (~> 3.0)
    has_scope (0.5.1)
    hike (1.2.1)
    hpricot (0.8.4)
    i18n (0.6.0)
    inherited_resources (1.2.2)
      has_scope (~> 0.5.0)
      responders (~> 0.6.0)
    jquery-rails (1.0.13)
      railties (~> 3.0)
      thor (~> 0.14)
    kaminari (0.12.4)
      rails (>= 3.0.0)
    mail (2.3.0)
      i18n (>= 0.4.0)
      mime-types (~> 1.16)
      treetop (~> 1.4.8)
    meta_search (1.1.0.pre2)
      actionpack (~> 3.1.0.alpha)
      activerecord (~> 3.1.0.alpha)
      activesupport (~> 3.1.0.alpha)
    mime-types (1.16)
    mover (0.3.6)
    multi_json (1.0.3)
    orm_adapter (0.0.5)
    polyglot (0.3.2)
    rack (1.3.2)
    rack-cache (1.0.2)
      rack (>= 0.4)
    rack-mount (0.8.2)
      rack (>= 1.0.0)
    rack-ssl (1.3.2)
      rack
    rack-test (0.6.1)
      rack (>= 1.0)
    rails (3.1.0.rc6)
      actionmailer (= 3.1.0.rc6)
      actionpack (= 3.1.0.rc6)
      activerecord (= 3.1.0.rc6)
      activeresource (= 3.1.0.rc6)
      activesupport (= 3.1.0.rc6)
      bundler (~> 1.0)
      railties (= 3.1.0.rc6)
    railties (3.1.0.rc6)
      actionpack (= 3.1.0.rc6)
      activesupport (= 3.1.0.rc6)
      rack-ssl (~> 1.3.2)
      rake (>= 0.8.7)
      rdoc (~> 3.4)
      thor (~> 0.14.6)
    rake (0.9.2)
    rdoc (3.9.2)
    responders (0.6.4)
    rspec (2.6.0)
      rspec-core (~> 2.6.0)
      rspec-expectations (~> 2.6.0)
      rspec-mocks (~> 2.6.0)
    rspec-core (2.6.4)
    rspec-expectations (2.6.0)
      diff-lcs (~> 1.1.2)
    rspec-mocks (2.6.0)
    rspec-rails (2.6.1)
      actionpack (~> 3.0)
      activesupport (~> 3.0)
      railties (~> 3.0)
      rspec (~> 2.6.0)
    ruby_parser (2.1.0)
      sexp_processor (~> 3.0)
    sass (3.1.7)
    sass-rails (3.1.0.rc.6)
      actionpack (~> 3.1.0.rc6)
      railties (~> 3.1.0.rc6)
      sass (>= 3.1.4)
    sexp_processor (3.0.6)
    simple_form (1.4.2)
      actionpack (~> 3.0)
      activemodel (~> 3.0)
    sprockets (2.0.0.beta.14)
      hike (~> 1.2)
      rack (~> 1.0)
      tilt (~> 1.1, != 1.3.0)
    sqlite3 (1.3.4)
    sqlite3-ruby (1.3.1)
    thor (0.14.6)
    tilt (1.3.2)
    treetop (1.4.10)
      polyglot
      polyglot (>= 0.3.1)
    turn (0.8.2)
      ansi (>= 1.2.2)
    tzinfo (0.3.29)
    uglifier (1.0.1)
      execjs (>= 0.3.0)
      multi_json (>= 1.0.2)
    uuidtools (2.1.2)
    validation_reflection (1.0.0)
    warden (1.0.5)
      rack (>= 1.0)
    will_paginate (3.0.0)

PLATFORMS
  ruby

DEPENDENCIES
  activeadmin!
  acts_as_archive
  acts_as_commentable!
  annotate
  awesome_nested_set
  coffee-rails (~> 3.1.0.rc)
  crummy
  factory_girl_rails
  haml
  haml-rails
  hpricot
  inherited_resources
  jquery-rails
  jquery_ui_rails_helpers!
  meta_search (>= 1.1.0.pre)
  rails (= 3.1.0.rc6)
  rails3-generators!
  rspec
  rspec-rails
  ruby_parser
  sass-rails (~> 3.1.0.rc)
  scaffolder!
  semantic_menu!
  simple_form
  sqlite3
  sqlite3-ruby (= 1.3.1)
  turn
  uglifier
  uuidtools
  validation_reflection
  will_paginate (~> 3.0.pre2)
